PATH
  remote: .
  specs:
    ruby-tracepoint-crash (0.0.1)

GEM
  remote: https://rubygems.org/
  specs:
    minitest (5.14.0)
    rake (12.3.3)
    rake-compiler (1.1.0)
      rake

PLATFORMS
  ruby

DEPENDENCIES
  minitest (~> 5.0)
  rake (~> 12.0)
  rake-compiler
  ruby-tracepoint-crash!

BUNDLED WITH
   2.1.4
